GIT
  remote: https://github.com/37signals/mail_view.git
  revision: 50831ad31c6f9042469a33dab1394bd2a4042fd8
  specs:
    mail_view (2.0.4)
      tilt

GIT
  remote: https://github.com/criticaljuncture/cachebar.git
  revision: 556e356156b67be03bc6f025b1cb390c291c76e0
  specs:
    cachebar (1.2.0)
      activesupport
      httparty (>= 0.11.0)
      redis
      redis-namespace

GIT
  remote: https://github.com/criticaljuncture/calendar_helper.git
  revision: ef5c0a47314f0ecf1270c0ee3b437228a8cc4511
  branch: master
  specs:
    calendar_helper (0.2.6)
      open4

GIT
  remote: https://github.com/criticaljuncture/klarlack.git
  revision: f4c9706cd542046e7e37a4872b3a272b57cbb31b
  ref: f4c9706cd542046e7e37a4872b3a272b57cbb31b
  specs:
    klarlack (0.0.7)

GIT
  remote: https://github.com/delynn/userstamp.git
  revision: 777633aa564f8457c999ddb96afa4c5ae18d319f
  ref: 777633
  specs:
    userstamp (2.0.2)

GEM
  remote: https://rubygems.org/
  specs:
    CFPropertyList (2.3.1)
    SystemTimer (1.2.3)
    actionmailer (3.2.22.5)
      actionpack (= 3.2.22.5)
      mail (~> 2.5.4)
    actionpack (3.2.22.5)
      activemodel (= 3.2.22.5)
      activesupport (= 3.2.22.5)
      builder (~> 3.0.0)
      erubis (~> 2.7.0)
      journey (~> 1.0.4)
      rack (~> 1.4.5)
      rack-cache (~> 1.2)
      rack-test (~> 0.6.1)
      sprockets (~> 2.2.1)
    active_hash (1.4.0)
      activesupport (>= 2.2.2)
    activemodel (3.2.22.5)
      activesupport (= 3.2.22.5)
      builder (~> 3.0.0)
    activerecord (3.2.22.5)
      activemodel (= 3.2.22.5)
      activesupport (= 3.2.22.5)
      arel (~> 3.0.2)
      tzinfo (~> 0.3.29)
    activerecord-nulldb-adapter (0.3.5)
      activerecord (>= 2.0.0)
    activeresource (3.2.22.5)
      activemodel (= 3.2.22.5)
      activesupport (= 3.2.22.5)
    activesupport (3.2.22.5)
      i18n (~> 0.6, >= 0.6.4)
      multi_json (~> 1.0)
    addressable (2.4.0)
    arel (3.0.3)
    ast (2.0.0)
    astrolabe (1.3.1)
      parser (~> 2.2)
    attr_extras (3.2.0)
    attr_required (1.0.1)
    bindata (2.4.1)
    bootstrap-sass (3.0.3.0)
      sass (~> 3.2)
    builder (3.0.4)
    capistrano (2.15.4)
      highline
      net-scp (>= 1.0.0)
      net-sftp (>= 2.0.0)
      net-ssh (>= 2.0.14)
      net-ssh-gateway (>= 1.1.0)
    capybara (2.7.1)
      addressable
      mime-types (>= 1.16)
      nokogiri (>= 1.3.3)
      rack (>= 1.0.0)
      rack-test (>= 0.5.4)
      xpath (~> 2.0)
    carrierwave (0.10.0)
      activemodel (>= 3.2.0)
      activesupport (>= 3.2.0)
      json (>= 1.7)
      mime-types (>= 1.16)
    chronic (0.10.2)
    climate_control (0.0.3)
      activesupport (>= 3.0)
    cocaine (0.5.7)
      climate_control (>= 0.0.3, < 1.0)
    codeclimate-test-reporter (0.4.7)
      simplecov (>= 0.7.1, < 1.0.0)
    coderay (1.1.0)
    coffee-rails (3.2.2)
      coffee-script (>= 2.2.0)
      railties (~> 3.2.0)
    coffee-script (2.4.1)
      coffee-script-source
      execjs
    coffee-script-source (1.9.1.1)
    concurrent-ruby (1.0.5)
    css_parser (1.4.5)
      addressable
    database_cleaner (1.4.1)
    descendants_tracker (0.0.4)
      thread_safe (~> 0.3, >= 0.3.1)
    diff-lcs (1.2.5)
    docile (1.1.5)
    dotenv (1.0.2)
    dotenv-rails (1.0.2)
      dotenv (= 1.0.2)
    draper (1.3.1)
      actionpack (>= 3.0)
      activemodel (>= 3.0)
      activesupport (>= 3.0)
      request_store (~> 1.0.3)
    email_spec (1.6.0)
      launchy (~> 2.1)
      mail (~> 2.2)
    erubis (2.7.0)
    et-orbi (1.0.9)
      tzinfo
    excon (0.45.4)
    execjs (2.7.0)
    factory_girl (4.7.0)
      activesupport (>= 3.0.0)
    factory_girl_rails (4.7.0)
      factory_girl (~> 4.7.0)
      railties (>= 3.0.0)
    fakeweb (1.3.0)
    faraday (0.9.1)
      multipart-post (>= 1.2, < 3)
    federal_register (0.6.5)
      httparty (~> 0.14.0)
    ffi (1.9.10)
    fission (0.5.0)
      CFPropertyList (~> 2.2)
    fog (1.32.0)
      fog-atmos
      fog-aws (>= 0.6.0)
      fog-brightbox (~> 0.4)
      fog-core (~> 1.32)
      fog-ecloud (= 0.1.1)
      fog-google (>= 0.0.2)
      fog-json
      fog-local
      fog-powerdns (>= 0.1.1)
      fog-profitbricks
      fog-radosgw (>= 0.0.2)
      fog-riakcs
      fog-sakuracloud (>= 0.0.4)
      fog-serverlove
      fog-softlayer
      fog-storm_on_demand
      fog-terremark
      fog-vmfusion
      fog-voxel
      fog-xml (~> 0.1.1)
      ipaddress (~> 0.5)
      nokogiri (~> 1.5, >= 1.5.11)
    fog-atmos (0.1.0)
      fog-core
      fog-xml
    fog-aws (0.7.3)
      fog-core (~> 1.27)
      fog-json (~> 1.0)
      fog-xml (~> 0.1)
      ipaddress (~> 0.8)
    fog-brightbox (0.8.0)
      fog-core (~> 1.22)
      fog-json
      inflecto (~> 0.0.2)
    fog-core (1.32.0)
      builder
      excon (~> 0.45)
      formatador (~> 0.2)
      mime-types
      net-scp (~> 1.1)
      net-ssh (>= 2.1.3)
    fog-ecloud (0.1.1)
      fog-core
      fog-xml
    fog-google (0.0.7)
      fog-core
      fog-json
      fog-xml
    fog-json (1.0.2)
      fog-core (~> 1.0)
      multi_json (~> 1.10)
    fog-local (0.2.1)
      fog-core (~> 1.27)
    fog-powerdns (0.1.1)
      fog-core (~> 1.27)
      fog-json (~> 1.0)
      fog-xml (~> 0.1)
    fog-profitbricks (0.0.3)
      fog-core
      fog-xml
      nokogiri
    fog-radosgw (0.0.4)
      fog-core (>= 1.21.0)
      fog-json
      fog-xml (>= 0.0.1)
    fog-riakcs (0.1.0)
      fog-core
      fog-json
      fog-xml
    fog-sakuracloud (1.0.1)
      fog-core
      fog-json
    fog-serverlove (0.1.2)
      fog-core
      fog-json
    fog-softlayer (0.4.7)
      fog-core
      fog-json
    fog-storm_on_demand (0.1.1)
      fog-core
      fog-json
    fog-terremark (0.1.0)
      fog-core
      fog-xml
    fog-vmfusion (0.1.0)
      fission
      fog-core
    fog-voxel (0.1.0)
      fog-core
      fog-xml
    fog-xml (0.1.2)
      fog-core
      nokogiri (~> 1.5, >= 1.5.11)
    formatador (0.2.5)
    formtastic (2.0.2)
      rails (~> 3.0)
    geokit (1.4.1)
    git (1.2.9.1)
    github_api (0.12.3)
      addressable (~> 2.3)
      descendants_tracker (~> 0.0.4)
      faraday (~> 0.8, < 0.10)
      hashie (>= 3.3)
      multi_json (>= 1.7.5, < 2.0)
      nokogiri (~> 1.6.3)
      oauth2
    guard (2.12.8)
      formatador (>= 0.2.4)
      listen (>= 2.7, <= 4.0)
      lumberjack (~> 1.0)
      nenv (~> 0.1)
      notiffany (~> 0.0)
      pry (>= 0.9.12)
      shellany (~> 0.0)
      thor (>= 0.18.1)
    guard-compat (1.2.1)
    guard-rspec (4.6.2)
      guard (~> 2.1)
      guard-compat (~> 1.1)
      rspec (>= 2.99.0, < 4.0)
    hashie (3.4.2)
    highline (1.7.2)
    hike (1.2.3)
    hoe (3.15.2)
      rake (>= 0.8, < 12.0)
    honeybadger (2.1.1)
    htmlentities (4.3.4)
    httmultiparty (0.3.16)
      httparty (>= 0.7.3)
      mimemagic
      multipart-post
    httparty (0.14.0)
      multi_xml (>= 0.5.2)
    httpclient (2.8.3)
    i18n (0.9.1)
      concurrent-ruby (~> 1.0)
    indefinite_article (0.2.4)
      activesupport
    inflecto (0.0.2)
    ipaddress (0.8.0)
    jeweler (2.0.1)
      builder
      bundler (>= 1.0)
      git (>= 1.2.5)
      github_api
      highline (>= 1.6.15)
      nokogiri (>= 1.5.10)
      rake
      rdoc
    journey (1.0.4)
    jquery-rails (3.0.4)
      railties (>= 3.0, < 5.0)
      thor (>= 0.14, < 2.0)
    json (1.8.3)
    json-jwt (1.8.3)
      activesupport
      bindata
      securecompare
      url_safe_base64
    json_builder (3.1.7)
      activesupport (>= 2.0.0)
      json
    jwt (1.5.1)
    kss (0.5.0)
    launchy (2.4.3)
      addressable (~> 2.3)
    listen (3.0.2)
      rb-fsevent (>= 0.9.3)
      rb-inotify (>= 0.9)
    lumberjack (1.0.9)
    mail (2.5.4)
      mime-types (~> 1.16)
      treetop (~> 1.4.8)
    memoist (0.14.0)
    method_source (0.8.2)
    mime-types (1.25.1)
    mimemagic (0.3.0)
    mini_portile (0.6.2)
    mono_logger (1.1.0)
    multi_json (1.12.2)
    multi_xml (0.6.0)
    multipart-post (2.0.0)
    mysql2 (0.3.18)
    nenv (0.2.0)
    net-scp (1.2.1)
      net-ssh (>= 2.6.5)
    net-sftp (2.1.2)
      net-ssh (>= 2.6.5)
    net-ssh (2.9.2)
    net-ssh-gateway (1.2.0)
      net-ssh (>= 2.6.5)
    nokogiri (1.6.6.2)
      mini_portile (~> 0.6.0)
    notiffany (0.0.6)
      nenv (~> 0.1)
      shellany (~> 0.0)
    oauth2 (1.0.0)
      faraday (>= 0.8, < 0.10)
      jwt (~> 1.0)
      multi_json (~> 1.3)
      multi_xml (~> 0.5)
      rack (~> 1.2)
    omniauth (1.4.2)
      hashie (>= 1.2, < 4)
      rack (>= 1.0, < 3)
    omniauth-openid-connect (0.2.3)
      addressable (~> 2.3)
      omniauth (~> 1.1)
      openid_connect (~> 0.9.2)
    open4 (1.3.4)
    openid_connect (0.9.2)
      activemodel
      attr_required (>= 1.0.0)
      json (>= 1.4.3)
      json-jwt (>= 1.5.0)
      rack-oauth2 (>= 1.2.1)
      swd (>= 1.0.0)
      tzinfo
      validate_email
      validate_url
      webfinger (>= 1.0.1)
    parser (2.2.2.6)
      ast (>= 1.1, < 3.0)
    passenger (5.2.0)
      rack
      rake (>= 0.8.1)
    pbkdf2 (0.1.0)
    pickup (0.0.8)
    polyglot (0.3.5)
    powerpack (0.1.1)
    premailer (1.8.6)
      css_parser (>= 1.3.6)
      htmlentities (>= 4.0.0)
    pry (0.10.1)
      coderay (~> 1.1.0)
      method_source (~> 0.8.1)
      slop (~> 3.4)
    pry-remote (0.1.8)
      pry (~> 0.9)
      slop (~> 3.0)
    rack (1.4.7)
    rack-cache (1.6.1)
      rack (>= 0.4)
    rack-protection (1.5.4)
      rack
    rack-ssl (1.3.4)
      rack
    rack-test (0.6.3)
      rack (>= 1.0)
    rails (3.2.22.5)
      actionmailer (= 3.2.22.5)
      actionpack (= 3.2.22.5)
      activerecord (= 3.2.22.5)
      activeresource (= 3.2.22.5)
      activesupport (= 3.2.22.5)
      bundler (~> 1.0)
      railties (= 3.2.22.5)
    rails_autolink (1.1.6)
      rails (> 3.1)
    rails_config (0.4.2)
      activesupport (>= 3.0)
    railties (3.2.22.5)
      actionpack (= 3.2.22.5)
      activesupport (= 3.2.22.5)
      rack-ssl (~> 1.3.2)
      rake (>= 0.8.7)
      rdoc (~> 3.4)
      thor (>= 0.14.6, < 2.0)
    rainbow (2.0.0)
    rake (11.3.0)
    rb-fsevent (0.9.5)
    rb-inotify (0.9.5)
      ffi (>= 0.5.0)
    rdoc (3.12.2)
      json (~> 1.4)
    recaptcha (0.4.0)
    redis (3.3.5)
    redis-namespace (1.6.0)
      redis (>= 3.0.4)
    request_store (1.0.8)
    resque (1.27.4)
      mono_logger (~> 1.0)
      multi_json (~> 1.0)
      redis-namespace (~> 1.3)
      sinatra (>= 0.9.2)
      vegas (~> 0.1.2)
    resque-retry (1.5.0)
      resque (~> 1.25)
      resque-scheduler (~> 4.0)
    resque-scheduler (4.2.0)
      mono_logger (~> 1.0)
      redis (~> 3.0)
      resque (~> 1.25)
      rufus-scheduler (~> 3.2)
    rspec (2.99.0)
      rspec-core (~> 2.99.0)
      rspec-expectations (~> 2.99.0)
      rspec-mocks (~> 2.99.0)
    rspec-collection_matchers (1.1.2)
      rspec-expectations (>= 2.99.0.beta1)
    rspec-core (2.99.2)
    rspec-expectations (2.99.2)
      diff-lcs (>= 1.1.3, < 2.0)
    rspec-html-matchers (0.5.0)
      nokogiri (~> 1)
      rspec (~> 2, >= 2.11.0)
    rspec-mocks (2.99.4)
    rspec-rails (2.99.0)
      actionpack (>= 3.0)
      activemodel (>= 3.0)
      activesupport (>= 3.0)
      railties (>= 3.0)
      rspec-collection_matchers
      rspec-core (~> 2.99.0)
      rspec-expectations (~> 2.99.0)
      rspec-mocks (~> 2.99.0)
    rubocop (0.32.1)
      astrolabe (~> 1.3)
      parser (>= 2.2.2.5, < 3.0)
      powerpack (~> 0.1)
      rainbow (>= 1.99.1, < 3.0)
      ruby-progressbar (~> 1.4)
    ruby-progressbar (1.7.5)
    rufus-scheduler (3.4.2)
      et-orbi (~> 1.0)
    rvm-capistrano (1.5.6)
      capistrano (~> 2.15.4)
    sass (3.2.19)
    sass-rails (3.2.6)
      railties (~> 3.2.0)
      sass (>= 3.1.10)
      tilt (~> 1.3)
    securecompare (1.0.0)
    sendgrid (1.2.4)
      json
    shellany (0.0.1)
    shoulda-matchers (1.0.0.beta3)
    simplecov (0.10.0)
      docile (~> 1.1.0)
      json (~> 1.8)
      simplecov-html (~> 0.10.0)
    simplecov-html (0.10.0)
    sinatra (1.4.6)
      rack (~> 1.4)
      rack-protection (~> 1.4)
      tilt (>= 1.3, < 3)
    slop (3.6.0)
    sprockets (2.2.3)
      hike (~> 1.2)
      multi_json (~> 1.0)
      rack (~> 1.0)
      tilt (~> 1.1, != 1.3.0)
    strong_parameters (0.2.3)
      actionpack (~> 3.0)
      activemodel (~> 3.0)
      activesupport (~> 3.0)
      railties (~> 3.0)
    stylin (0.1.0)
      bootstrap-sass (~> 3.0.3.0)
      jquery-rails (~> 3.0.0)
      kss (~> 0.5.0)
      rails (>= 3.2.0)
      sass-rails (~> 3.2.6)
    swd (1.1.2)
      activesupport (>= 3)
      attr_required (>= 0.0.5)
      httpclient (>= 2.4)
    terminal-notifier-guard (1.6.4)
    thor (0.19.1)
    thread_safe (0.3.5)
    thunder_punch (0.1.3)
      capistrano (>= 2.5.5)
      jeweler
    tilt (1.4.1)
    treetop (1.4.15)
      polyglot
      polyglot (>= 0.3.1)
    tzinfo (0.3.52)
    uglifier (2.7.1)
      execjs (>= 0.3.0)
      json (>= 1.8.0)
    underscore-rails (1.6.0)
    url_safe_base64 (0.2.2)
    validate_email (0.1.6)
      activemodel (>= 3.0)
      mail (>= 2.2.5)
    validate_url (1.0.2)
      activemodel (>= 3.0.0)
      addressable
    vcr (2.6.0)
    vegas (0.1.11)
      rack (>= 1.0.0)
    watchr (0.7)
    webfinger (1.1.0)
      activesupport
      httpclient (>= 2.4)
    will_paginate (3.0.7)
    will_paginate-bootstrap (1.0.1)
      will_paginate (>= 3.0.3)
    xpath (2.0.0)
      nokogiri (~> 1.3)
    zeus (0.15.10)
      method_source (>= 0.6.7)

PLATFORMS
  ruby

DEPENDENCIES
  SystemTimer
  active_hash
  activerecord-nulldb-adapter
  attr_extras (~> 3.2.0)
  bootstrap-sass (~> 3.0.3.0)
  cachebar!
  calendar_helper!
  capistrano (= 2.15.4)
  capybara
  carrierwave (= 0.10.0)
  chronic (~> 0.10.2)
  cocaine
  codeclimate-test-reporter
  coffee-rails (~> 3.2.2)
  css_parser (= 1.4.5)
  database_cleaner
  dotenv-rails (~> 1.0.2)
  draper (~> 1.3.0)
  email_spec
  factory_girl_rails (~> 4.0)
  fakeweb (~> 1.3.0)
  federal_register (= 0.6.5)
  fog (~> 1.32.0)
  formtastic (= 2.0.2)
  geokit (= 1.4.1)
  guard
  guard-rspec
  hoe (~> 3.15, >= 3.15.2)
  honeybadger
  httmultiparty
  httparty (= 0.14.0)
  indefinite_article
  jquery-rails
  json_builder
  jwt
  klarlack (= 0.0.7)!
  launchy
  mail_view!
  memoist
  multi_json (= 1.12.2)
  mysql2 (= 0.3.18)
  nokogiri (~> 1.6.6)
  passenger (= 5.2.0)
  pbkdf2
  pickup (= 0.0.8)
  premailer (= 1.8.6)
  pry
  pry-remote
  rack
  rails (= 3.2.22.5)
  rails_autolink
  rails_config
  rake (= 11.3.0)
  rb-fsevent
  recaptcha (= 0.4.0)
  redis (~> 3.3.5)
  resque
  resque-retry
  rspec-html-matchers (~> 0.5.0)
  rspec-rails (>= 2.5)
  rubocop
  rvm-capistrano (~> 1.5.4)
  sass (~> 3.2.1)
  sass-rails (~> 3.2.5)
  sendgrid
  shoulda-matchers (= 1.0.0.beta3)
  strong_parameters
  stylin (~> 0.1.0)
  terminal-notifier-guard
  thunder_punch (= 0.1.3)
  uglifier
  underscore-rails (~> 1.6.0)
  userstamp!
  vcr (~> 2.6.0)
  watchr (= 0.7)
  will_paginate (~> 3.0.7)
  will_paginate-bootstrap (~> 1.0.1)
  zeus

BUNDLED WITH
   1.16.0
